GIT
  remote: git://github.com/resque/resque.git
  revision: cb337e134c21a8c87db2a9d6bf090e083af6a950
  specs:
    resque (2.0.0.pre.1)
      json
      mono_logger (~> 1.0)
      redis-namespace (>= 1.3.0)
      thor (~> 0.17)

GEM
  remote: https://rubygems.org/
  specs:
    awesome_print (1.2.0)
    aws-sdk (2.0.29)
      aws-sdk-resources (= 2.0.29)
    aws-sdk-core (2.0.29)
      builder (~> 3.0)
      jmespath (~> 1.0)
      multi_json (~> 1.0)
      multi_xml (~> 0.5)
    aws-sdk-resources (2.0.29)
      aws-sdk-core (= 2.0.29)
    backports (3.6.4)
    builder (3.2.2)
    coderay (1.1.0)
    colorize (0.7.3)
    daemons (1.2.1)
    eventmachine (1.0.7)
    jmespath (1.0.2)
      multi_json (~> 1.0)
    json (1.8.2)
    method_source (0.8.2)
    mono_logger (1.1.0)
    multi_json (1.11.0)
    multi_xml (0.5.5)
    pry (0.10.1)
      coderay (~> 1.1.0)
      method_source (~> 0.8.1)
      slop (~> 3.4)
    rack (1.5.2)
    rack-protection (1.5.3)
      rack
    rack-test (0.6.3)
      rack (>= 1.0)
    rake (10.3.2)
    redis (3.2.1)
    redis-namespace (1.5.2)
      redis (~> 3.0, >= 3.0.4)
    sinatra (1.4.5)
      rack (~> 1.4)
      rack-protection (~> 1.4)
      tilt (~> 1.3, >= 1.3.4)
    sinatra-contrib (1.4.2)
      backports (>= 2.0)
      multi_json
      rack-protection
      rack-test
      sinatra (~> 1.4.0)
      tilt (~> 1.3)
    slop (3.6.0)
    thin (1.6.3)
      daemons (~> 1.0, >= 1.0.9)
      eventmachine (~> 1.0)
      rack (~> 1.0)
    thor (0.19.1)
    tilt (1.4.1)

PLATFORMS
  ruby

DEPENDENCIES
  awesome_print
  aws-sdk (~> 2)
  colorize
  json
  pry
  rake
  resque (~> 2.0.0.pre.1)!
  sinatra
  sinatra-contrib
  thin
